GEM
  remote: http://rubygems.org/
  specs:
    antlr3 (1.3.1)
    bones (3.4.7)
      little-plugger (>= 1.1.2)
      loquacious (>= 1.6.4)
      rake (>= 0.8.7)
    little-plugger (1.1.2)
    loquacious (1.8.1)
    rake (0.9.2)
    rspec (1.3.2)

PLATFORMS
  ruby

DEPENDENCIES
  antlr3 (= 1.3.1)
  bones (~> 3.4.1)
  rspec (~> 1.3.2)
